GEM
  remote: https://rubygems.org/
  specs:
    rake (13.3.0)

PLATFORMS
  ruby
  x86_64-linux-musl

DEPENDENCIES
  rake

BUNDLED WITH
   2.5.22
