PATH
  remote: .
  specs:
    square.rb (44.0.0.0)
      apimatic_core (~> 0.3.11)
      apimatic_core_interfaces (~> 0.2.1)
      apimatic_faraday_client_adapter (~> 0.1.4)

GEM
  remote: https://rubygems.org/
  specs:
    addressable (2.8.7)
      public_suffix (>= 2.0.2, < 7.0)
    apimatic_core (0.3.19)
      apimatic_core_interfaces (~> 0.2.0)
      certifi (~> 2018.1, >= 2018.01.18)
      faraday-multipart (~> 1.0)
      nokogiri (~> 1.13, >= 1.13.10)
    apimatic_core_interfaces (0.2.2)
    apimatic_faraday_client_adapter (0.1.6)
      apimatic_core_interfaces (~> 0.2.0)
      certifi (~> 2018.1, >= 2018.01.18)
      faraday (~> 2.0, >= 2.0.1)
      faraday-follow_redirects (~> 0.2)
      faraday-gzip (>= 1, < 4)
      faraday-http-cache (~> 2.2)
      faraday-multipart (~> 1.0)
      faraday-net_http_persistent (~> 2.0)
      faraday-retry (~> 2.0)
    ast (2.4.3)
    bigdecimal (3.2.2)
    certifi (2018.01.18)
    coderay (1.1.3)
    connection_pool (2.5.3)
    crack (1.0.0)
      bigdecimal
      rexml
    faraday (2.13.4)
      faraday-net_http (>= 2.0, < 3.5)
      json
      logger
    faraday-follow_redirects (0.3.0)
      faraday (>= 1, < 3)
    faraday-gzip (3.0.4)
      faraday (>= 2.0, < 3)
      zlib (~> 3.0)
    faraday-http-cache (2.5.1)
      faraday (>= 0.8)
    faraday-multipart (1.1.1)
      multipart-post (~> 2.0)
    faraday-net_http (3.4.1)
      net-http (>= 0.5.0)
    faraday-net_http_persistent (2.3.1)
      faraday (~> 2.5)
      net-http-persistent (>= 4.0.4, < 5)
    faraday-retry (2.3.2)
      faraday (~> 2.0)
    hashdiff (1.2.0)
    json (2.13.2)
    language_server-protocol (3.17.0.5)
    lint_roller (1.1.0)
    logger (1.7.0)
    method_source (1.1.0)
    mini_portile2 (2.8.9)
    minitest (5.19.0)
    minitest-proveit (1.0.0)
      minitest (> 5, < 7)
    minitest-rg (5.3.0)
      minitest (~> 5.0)
    multipart-post (2.4.1)
    net-http (0.6.0)
      uri
    net-http-persistent (4.0.6)
      connection_pool (~> 2.2, >= 2.2.4)
    nokogiri (1.18.9)
      mini_portile2 (~> 2.8.2)
      racc (~> 1.4)
    nokogiri (1.18.9-x86_64-linux-musl)
      racc (~> 1.4)
    parallel (1.27.0)
    parser (3.3.9.0)
      ast (~> 2.4.1)
      racc
    prism (1.4.0)
    pry (0.15.2)
      coderay (~> 1.1)
      method_source (~> 1.0)
    public_suffix (6.0.2)
    racc (1.8.1)
    rainbow (3.1.1)
    rake (13.3.0)
    regexp_parser (2.11.2)
    rexml (3.4.1)
    rubocop (1.79.2)
      json (~> 2.3)
      language_server-protocol (~> 3.17.0.2)
      lint_roller (~> 1.1.0)
      parallel (~> 1.10)
      parser (>= 3.3.0.2)
      rainbow (>= 2.2.2, < 4.0)
      regexp_parser (>= 2.9.3, < 3.0)
      rubocop-ast (>= 1.46.0, < 2.0)
      ruby-progressbar (~> 1.7)
      unicode-display_width (>= 2.4.0, < 4.0)
    rubocop-ast (1.46.0)
      parser (>= 3.3.7.2)
      prism (~> 1.4)
    rubocop-minitest (0.38.1)
      lint_roller (~> 1.1)
      rubocop (>= 1.75.0, < 2.0)
      rubocop-ast (>= 1.38.0, < 2.0)
    ruby-progressbar (1.13.0)
    unicode-display_width (3.1.5)
      unicode-emoji (~> 4.0, >= 4.0.4)
    unicode-emoji (4.0.4)
    uri (1.0.3)
    webmock (3.25.1)
      addressable (>= 2.8.0)
      crack (>= 0.3.2)
      hashdiff (>= 0.4.0, < 2.0.0)
    zlib (3.2.1)

PLATFORMS
  ruby
  x86_64-linux-musl

DEPENDENCIES
  minitest (~> 5.19.0)
  minitest-proveit (~> 1.0)
  minitest-rg
  pry
  rake (~> 13.0)
  rubocop (~> 1.21)
  rubocop-minitest
  square.rb!
  webmock

BUNDLED WITH
   2.5.22
